GEM
  remote: https://rubygems.org/
  specs:
    builder (3.2.2)
    envyable (1.1.0)
      thor (>= 0.18.1, < 2.0)
    hitimes (1.2.3)
    httpclient (2.7.1)
    jwt (1.5.2)
    mime-types (3.0)
      mime-types-data (~> 3.2015)
    mime-types-data (3.2015.1120)
    multi_json (1.11.2)
    promise_pool (0.9.0)
      timers (>= 4.0.1)
    puma (3.6.0)
    rack (1.6.4)
    rack-protection (1.5.3)
      rack
    rest-builder (0.9.0)
      httpclient
      mime-types
      promise_pool
    rest-core (4.0.0)
      rest-builder
    rest-firebase (1.1.0)
      rest-core (>= 4.0.0)
    sinatra (1.4.7)
      rack (~> 1.5)
      rack-protection (~> 1.4)
      tilt (>= 1.3, < 3)
    sinatra-run-later (0.0.1)
      sinatra (~> 1.4.0)
    thor (0.19.1)
    tilt (2.0.2)
    timers (4.1.1)
      hitimes
    twilio-ruby (4.11.1)
      builder (>= 2.1.2)
      jwt (~> 1.0)
      multi_json (>= 1.3.0)

PLATFORMS
  ruby

DEPENDENCIES
  envyable
  puma
  rest-firebase
  sinatra
  sinatra-run-later
  twilio-ruby

RUBY VERSION
   ruby 2.3.1p112

BUNDLED WITH
   1.13.6
